GEM
  remote: http://rubygems.org/
  specs:
    awesome_print (0.2.1)
    builder (3.0.0)
    diff-lcs (1.1.3)
    escape (0.0.4)
    hoe (3.0.6)
      rake (~> 0.8)
    rake (0.9.2.2)
    rspec (2.10.0)
      rspec-core (~> 2.10.0)
      rspec-expectations (~> 2.10.0)
      rspec-mocks (~> 2.10.0)
    rspec-core (2.10.1)
    rspec-expectations (2.10.0)
      diff-lcs (~> 1.1.3)
    rspec-mocks (2.10.1)

PLATFORMS
  ruby

DEPENDENCIES
  awesome_print (= 0.2.1)
  builder
  bundler
  escape (= 0.0.4)
  hoe (>= 2.6.1)
  rake
  rspec (>= 2.8)
